GEM
  remote: https://rubygems.org/
  specs:
    aws-eventstream (1.0.3)
    aws-sigv4 (1.1.0)
      aws-eventstream (~> 1.0, >= 1.0.2)
    deep_merge (1.2.1)
    diplomat (2.2.5)
      deep_merge (~> 1.0, >= 1.0.1)
      faraday (~> 0.9)
    faraday (0.15.4)
      multipart-post (>= 1.2, < 3)
    json (2.2.0)
    multi_json (1.13.1)
    multipart-post (2.1.1)
    mustermann (2.0.2)
      ruby2_keywords (~> 0.0.1)
    nomad (0.1.0)
    rack (2.2.4)
    rack-protection (2.2.3)
      rack
    rake (12.3.2)
    ruby2_keywords (0.0.5)
    sinatra (2.2.3)
      mustermann (~> 2.0)
      rack (~> 2.2)
      rack-protection (= 2.2.3)
      tilt (~> 2.0)
    sinatra-contrib (2.2.3)
      multi_json
      mustermann (~> 2.0)
      rack-protection (= 2.2.3)
      sinatra (= 2.2.3)
      tilt (~> 2.0)
    tilt (2.0.11)
    vault (0.12.0)
      aws-sigv4

PLATFORMS
  ruby

DEPENDENCIES
  diplomat
  json
  nomad (~> 0.1)
  rake
  sinatra
  sinatra-contrib
  vault

BUNDLED WITH
   2.0.2
